PATH
  remote: .
  specs:
    spreadsheet_report (0.0.7)
      commondream-google-spreadsheet-ruby (>= 0.0.4)

GEM
  remote: http://gems.github.com/
  remote: https://rubygems.org/
  specs:
    commondream-google-spreadsheet-ruby (0.0.8)
    rake (10.0.4)

PLATFORMS
  ruby

DEPENDENCIES
  bundler (~> 1.3)
  rake
  spreadsheet_report!
